GEM
  remote: http://www.rubygems.org/
  specs:
    mini_portile (0.6.2)
    nokogiri (1.6.6.2-x64-mingw32)
      mini_portile (~> 0.6.0)
    rack (1.6.0)
    rack-protection (1.5.3)
      rack
    sinatra (1.4.5)
      rack (~> 1.4)
      rack-protection (~> 1.4)
      tilt (~> 1.3, >= 1.3.4)
    tilt (1.4.1)
    yahoo_weatherman (2.0.0)
      nokogiri

PLATFORMS
  x64-mingw32

DEPENDENCIES
  sinatra
  yahoo_weatherman
